GIT
  remote: git://github.com/nightsailer/padrino-sprockets.git
  revision: 28c5dd117a63b330356955efd4f513b4413da3a6
  specs:
    padrino-sprockets (0.0.3)
      sprockets

GIT
  remote: git://github.com/padrino/padrino-framework.git
  revision: cef1cbc123b61aa7dca249f39caabc21b43d4486
  specs:
    padrino (0.11.1)
      padrino-admin (= 0.11.1)
      padrino-cache (= 0.11.1)
      padrino-core (= 0.11.1)
      padrino-gen (= 0.11.1)
      padrino-helpers (= 0.11.1)
      padrino-mailer (= 0.11.1)
    padrino-admin (0.11.1)
      padrino-core (= 0.11.1)
      padrino-helpers (= 0.11.1)
    padrino-cache (0.11.1)
      padrino-core (= 0.11.1)
      padrino-helpers (= 0.11.1)
    padrino-core (0.11.1)
      activesupport (>= 3.1.0)
      http_router (~> 0.11.0)
      rack-protection (>= 1.5.0)
      sinatra (~> 1.4.2)
      thor (~> 0.17.0)
      tilt (~> 1.3.7)
    padrino-gen (0.11.1)
      bundler (~> 1.0)
      padrino-core (= 0.11.1)
    padrino-helpers (0.11.1)
      i18n (~> 0.6)
      padrino-core (= 0.11.1)
    padrino-mailer (0.11.1)
      mail (~> 2.5.3)
      padrino-core (= 0.11.1)

GEM
  remote: https://rubygems.org/
  specs:
    POpen4 (0.1.4)
      Platform (>= 0.4.0)
      open4
    Platform (0.4.0)
    activemodel (3.2.12)
      activesupport (= 3.2.12)
      builder (~> 3.0.0)
    activerecord (3.2.12)
      activemodel (= 3.2.12)
      activesupport (= 3.2.12)
      arel (~> 3.0.2)
      tzinfo (~> 0.3.29)
    activesupport (3.2.12)
      i18n (~> 0.6)
      multi_json (~> 1.0)
    arel (3.0.2)
    builder (3.0.4)
    diff-lcs (1.2.4)
    erubis (2.7.0)
    execjs (1.4.0)
      multi_json (~> 1.0)
    hike (1.2.2)
    http_router (0.11.0)
      rack (>= 1.0.0)
      url_mount (~> 0.2.1)
    i18n (0.6.4)
    mail (2.5.4)
      mime-types (~> 1.16)
      treetop (~> 1.4.8)
    mime-types (1.23)
    multi_json (1.7.3)
    open4 (1.3.0)
    polyglot (0.3.3)
    rack (1.5.2)
    rack-protection (1.5.0)
      rack
    rack-test (0.6.2)
      rack (>= 1.0)
    rake (10.0.4)
    rspec (2.13.0)
      rspec-core (~> 2.13.0)
      rspec-expectations (~> 2.13.0)
      rspec-mocks (~> 2.13.0)
    rspec-core (2.13.1)
    rspec-expectations (2.13.0)
      diff-lcs (>= 1.1.3, < 2.0)
    rspec-mocks (2.13.1)
    sinatra (1.4.2)
      rack (~> 1.5, >= 1.5.2)
      rack-protection (~> 1.4)
      tilt (~> 1.3, >= 1.3.4)
    sprockets (2.9.3)
      hike (~> 1.2)
      multi_json (~> 1.0)
      rack (~> 1.0)
      tilt (~> 1.1, != 1.3.0)
    sqlite3 (1.3.7)
    thor (0.17.0)
    tilt (1.3.7)
    treetop (1.4.12)
      polyglot
      polyglot (>= 0.3.1)
    tzinfo (0.3.37)
    uglifier (2.1.1)
      execjs (>= 0.3.0)
      multi_json (~> 1.0, >= 1.0.2)
    url_mount (0.2.1)
      rack
    yui-compressor (0.9.6)
      POpen4 (>= 0.1.4)

PLATFORMS
  ruby

DEPENDENCIES
  activerecord (>= 3.1)
  erubis (~> 2.7.0)
  padrino!
  padrino-sprockets!
  rack-test
  rake
  rspec
  sqlite3
  uglifier
  yui-compressor
